PATH
  remote: .
  specs:
    emque-producing (0.0.1)
      bunny (~> 1.4.1)
      oj (~> 2.10.2)
      poseidon (= 0.0.4)
      virtus (~> 1.0.3)

GEM
  remote: https://rubygems.org/
  specs:
    amq-protocol (1.9.2)
    axiom-types (0.1.1)
      descendants_tracker (~> 0.0.4)
      ice_nine (~> 0.11.0)
      thread_safe (~> 0.3, >= 0.3.1)
    bunny (1.4.1)
      amq-protocol (>= 1.9.2)
    coderay (1.1.0)
    coercible (1.0.0)
      descendants_tracker (~> 0.0.1)
    descendants_tracker (0.0.4)
      thread_safe (~> 0.3, >= 0.3.1)
    diff-lcs (1.2.5)
    equalizer (0.0.9)
    ice_nine (0.11.0)
    method_source (0.8.2)
    oj (2.10.2)
    poseidon (0.0.4)
    pry (0.9.12.4)
      coderay (~> 1.0)
      method_source (~> 0.8)
      slop (~> 3.4)
    rake (10.1.1)
    rspec (2.14.1)
      rspec-core (~> 2.14.0)
      rspec-expectations (~> 2.14.0)
      rspec-mocks (~> 2.14.0)
    rspec-core (2.14.7)
    rspec-expectations (2.14.5)
      diff-lcs (>= 1.1.3, < 2.0)
    rspec-mocks (2.14.6)
    slop (3.4.7)
    thread_safe (0.3.4)
    virtus (1.0.3)
      axiom-types (~> 0.1)
      coercible (~> 1.0)
      descendants_tracker (~> 0.0, >= 0.0.3)
      equalizer (~> 0.0, >= 0.0.9)

PLATFORMS
  ruby

DEPENDENCIES
  bundler (~> 1.0)
  emque-producing!
  pry
  rake (>= 3.0.0)
  rspec
